GEM
  remote: https://rubygems.org/
  specs:
    bugsnag (6.13.0)
      concurrent-ruby (~> 1.0)
    concurrent-ruby (1.1.6)
    dotenv (2.7.5)
    ffi (1.12.2)
    listen (3.2.1)
      rb-fsevent (~> 0.10, >= 0.10.3)
      rb-inotify (~> 0.9, >= 0.9.10)
    news-api (0.2.0)
    rack (2.2.2)
    rb-fsevent (0.10.3)
    rb-inotify (0.10.1)
      ffi (~> 1.0)
    redis (4.1.3)
    rerun (0.13.0)
      listen (~> 3.0)

PLATFORMS
  ruby

DEPENDENCIES
  bugsnag (~> 6.13)
  dotenv
  news-api
  rack
  redis
  rerun

RUBY VERSION
   ruby 2.7.0p0

BUNDLED WITH
   2.1.4
